GEM
  remote: http://ruby.taobao.org/
  specs:
    json (1.8.2)
    rack (1.6.1)
    rack-protection (1.5.3)
      rack
    rubytree (0.9.4)
      json (~> 1.8)
      structured_warnings (~> 0.1)
    sinatra (1.4.6)
      rack (~> 1.4)
      rack-protection (~> 1.4)
      tilt (>= 1.3, < 3)
    structured_warnings (0.2.0)
    tilt (2.0.1)

PLATFORMS
  ruby

DEPENDENCIES
  rubytree (~> 0.9.4)
  sinatra
